GEM
  remote: http://rubygems.org/
  remote: http://geminst:hoa3laml@gems-internal.engineyard.com/
  specs:
    activesupport (2.3.14)
    addressable (2.2.6)
    builder (3.0.0)
    callsite (0.0.11)
    capistrano (2.9.0)
      highline
      net-scp (>= 1.0.0)
      net-sftp (>= 2.0.0)
      net-ssh (>= 2.0.14)
      net-ssh-gateway (>= 1.1.0)
    diff-lcs (1.1.3)
    escape (0.0.4)
    ey_cluster_xml (0.0.25)
      grit
    ey_statsd (0.0.11)
    faraday (0.7.6)
      addressable (~> 2.2)
      multipart-post (~> 1.1)
      rack (~> 1.1)
    fastthread (1.0.7)
    grit (2.4.1)
      diff-lcs (~> 1.1)
      mime-types (~> 1.15)
    highline (1.6.9)
    json (1.6.5)
    mime-types (1.17.2)
    multipart-post (1.1.4)
    net-scp (1.0.4)
      net-ssh (>= 1.99.1)
    net-sftp (2.0.5)
      net-ssh (>= 2.0.9)
    net-ssh (2.3.0)
    net-ssh-gateway (1.1.0)
      net-ssh (>= 1.99.1)
    nokogiri (1.5.0)
    rack (1.3.6)
    renee (0.4.0.pre1)
      callsite (~> 0.0.6)
      rack (~> 1.3.0)
      tilt (~> 1.3.3)
    samurai (0.22.231)
      activesupport (~> 2.3.4)
      builder
      capistrano (>= 2.5.19)
      escape
      ey_cluster_xml (>= 0.0.25)
      ey_statsd
      fastthread (>= 1.0.7)
      json
      net-sftp (>= 2.0.2)
      nokogiri (>= 1.4.2)
      xml-simple (~> 1.0.12)
    shotgun (0.9)
      rack (>= 1.0)
    tilt (1.3.3)
    xml-simple (1.0.16)

PLATFORMS
  ruby

DEPENDENCIES
  faraday
  renee (= 0.4.0.pre1)
  samurai
  shotgun
